PATH
  remote: .
  specs:
    equatable (0.0.1)
      rake (~> 0.8)

GEM
  remote: http://rubygems.org/
  specs:
    diff-lcs (1.1.2)
    rake (0.8.7)
    rspec (2.6.0)
      rspec-core (~> 2.6.0)
      rspec-expectations (~> 2.6.0)
      rspec-mocks (~> 2.6.0)
    rspec-core (2.6.4)
    rspec-expectations (2.6.0)
      diff-lcs (~> 1.1.2)
    rspec-mocks (2.6.0)

PLATFORMS
  x86-mingw32

DEPENDENCIES
  equatable!
  rake (~> 0.8)
  rspec (~> 2.6)
